GEM
  remote: http://rubygems.org/
  specs:
    builder (2.1.2)
    commander (4.0.3)
      highline (>= 1.5.0)
    gemcutter (0.5.0)
      json_pure
    git (1.2.5)
    highline (1.6.1)
    jeweler (1.4.0)
      gemcutter (>= 0.1.0)
      git (>= 1.2.5)
      rubyforge (>= 2.0.0)
    json_pure (1.4.3)
    net-scp (1.0.4)
      net-ssh (>= 1.99.1)
    net-ssh (2.0.23)
    polyglot (0.3.1)
    rubyforge (2.0.4)
      json_pure (>= 1.1.7)
    terminal-table (1.4.2)
    thoughtbot-shoulda (2.11.1)
    treetop (1.4.8)
      polyglot (>= 0.3.1)
    xml-simple (1.0.12)

PLATFORMS
  ruby

DEPENDENCIES
  builder (~> 2.1.2)
  commander (~> 4.0.3)
  jeweler (~> 1.4.0)
  net-scp (~> 1.0.4)
  net-ssh (~> 2.0.23)
  terminal-table (~> 1.4.2)
  thoughtbot-shoulda
  treetop (~> 1.4.8)
  xml-simple (~> 1.0.12)
