GEM
  remote: http://rubygems.org/
  specs:
    commander (4.0.3)
      highline (>= 1.5.0)
    highline (1.6.1)

PLATFORMS
  ruby

DEPENDENCIES
  commander
