GEM
  remote: http://rubygems.org/
  specs:
    builder (2.1.2)
    commander (4.0.3)
      highline (>= 1.5.0)
    git (1.2.5)
    highline (1.6.1)
    jeweler (1.5.1)
      bundler (~> 1.0.0)
      git (>= 1.2.5)
      rake
    net-scp (1.0.4)
      net-ssh (>= 1.99.1)
    net-ssh (2.0.23)
    polyglot (0.3.1)
    rake (0.8.7)
    rcov (0.9.9)
    shoulda (2.11.3)
    terminal-table (1.4.2)
    treetop (1.4.8)
      polyglot (>= 0.3.1)
    xml-simple (1.0.12)

PLATFORMS
  ruby

DEPENDENCIES
  builder (~> 2.1.2)
  bundler (~> 1.0.0)
  commander (~> 4.0.3)
  jeweler (~> 1.5.1)
  net-scp (~> 1.0.4)
  net-ssh (~> 2.0.23)
  rcov
  shoulda
  terminal-table (~> 1.4.2)
  treetop (~> 1.4.8)
  xml-simple (~> 1.0.12)
