GEM
  remote: http://rubygems.org/
  specs:
    commander (4.0.3)
      highline (>= 1.5.0)
    highline (1.6.1)
    net-scp (1.0.4)
      net-ssh (>= 1.99.1)
    net-ssh (2.0.23)

PLATFORMS
  ruby

DEPENDENCIES
  commander
  net-scp
  net-ssh
