GEM
  remote: http://rubygems.org/
  specs:
    archive-tar-minitar (0.5.2)
    builder (2.1.2)
    columnize (0.3.3)
    commander (4.0.4)
      highline (>= 1.5.0)
    fastthread (1.0.7)
    git (1.2.5)
    highline (1.6.2)
    jeweler (1.6.2)
      bundler (~> 1.0)
      git (>= 1.2.5)
      rake
    json (1.4.6)
    linecache (0.46)
      rbx-require-relative (> 0.0.4)
    linecache19 (0.5.12)
      ruby_core_source (>= 0.1.4)
    net-scp (1.0.4)
      net-ssh (>= 1.99.1)
    net-ssh (2.0.23)
    polyglot (0.3.1)
    rake (0.9.2)
    rbx-require-relative (0.0.5)
    ruby-debug (0.10.4)
      columnize (>= 0.1)
      ruby-debug-base (~> 0.10.4.0)
    ruby-debug-base (0.10.4)
      linecache (>= 0.3)
    ruby-debug-base19 (0.11.25)
      columnize (>= 0.3.1)
      linecache19 (>= 0.5.11)
      ruby_core_source (>= 0.1.4)
    ruby-debug19 (0.11.6)
      columnize (>= 0.3.1)
      linecache19 (>= 0.5.11)
      ruby-debug-base19 (>= 0.11.19)
    ruby_core_source (0.1.5)
      archive-tar-minitar (>= 0.5.2)
    shoulda (2.11.3)
    terminal-table (1.4.2)
    treetop (1.4.9)
      polyglot (>= 0.3.1)
    work_queue (1.0.0)
    xml-simple (1.0.12)

PLATFORMS
  ruby

DEPENDENCIES
  builder (~> 2.1.2)
  bundler (~> 1.0.0)
  commander (~> 4.0.4)
  fastthread (~> 1.0.7)
  jeweler (~> 1.6.2)
  json (~> 1.4.6)
  net-scp (~> 1.0.4)
  net-ssh (~> 2.0.23)
  rake (~> 0.9.2)
  ruby-debug
  ruby-debug19
  shoulda
  terminal-table (~> 1.4.2)
  treetop (~> 1.4.8)
  work_queue (~> 1.0.0)
  xml-simple (~> 1.0.12)
